GEM
  remote: https://rubygems.org/
  specs:
    glutton_ratelimit (0.2.0)
    httparty (0.10.2)
      multi_json (~> 1.0)
      multi_xml (>= 0.5.2)
    multi_json (1.7.2)
    multi_xml (0.5.3)

PLATFORMS
  ruby

DEPENDENCIES
  glutton_ratelimit
  httparty (~> 0.10.2)
